GEM
  remote: https://rubygems.org/
  specs:
    backticks (0.5.0)
    coderay (1.1.1)
    docker (0.3.1)
      backticks (~> 0.3)
    method_source (0.8.2)
    pry (0.10.4)
      coderay (~> 1.1.0)
      method_source (~> 0.8.1)
      slop (~> 3.4)
    rufus-scheduler (3.2.2)
    slop (3.6.0)

PLATFORMS
  ruby

DEPENDENCIES
  docker
  pry
  rufus-scheduler

BUNDLED WITH
   1.12.5
